PATH
  remote: /Users/brian/src/work/artisan-dev/artisan-repository
  specs:
    artisan-repository (0.0.1)

GEM
  remote: http://rubygems.org/
  specs:
    activemodel (3.1.10)
      activesupport (= 3.1.10)
      builder (~> 3.0.0)
      i18n (~> 0.6)
    activesupport (3.1.10)
      multi_json (>= 1.0, < 1.3)
    builder (3.0.4)
    diff-lcs (1.1.3)
    i18n (0.6.1)
    multi_json (1.2.0)
    rake (0.9.2.2)
    rspec (2.11.0)
      rspec-core (~> 2.11.0)
      rspec-expectations (~> 2.11.0)
      rspec-mocks (~> 2.11.0)
    rspec-core (2.11.1)
    rspec-expectations (2.11.3)
      diff-lcs (~> 1.1.3)
    rspec-mocks (2.11.3)

PLATFORMS
  ruby

DEPENDENCIES
  activemodel (= 3.1.10)
  artisan-repository!
  rake (= 0.9.2.2)
  rspec (= 2.11.0)
