GIT
  remote: git://github.com/8thlight/artisan-repository
  revision: ce92f84c20a254b0d090a326baaa90ecb87871b8
  ref: ce92f84c20a254b0d090a326baaa90ecb87871b8
  specs:
    artisan-repository (0.0.2)

GEM
  remote: http://rubygems.org/
  specs:
    activemodel (3.1.6)
      activesupport (= 3.1.6)
      builder (~> 3.0.0)
      i18n (~> 0.6)
    activesupport (3.1.6)
      multi_json (>= 1.0, < 1.3)
    builder (3.0.3)
    diff-lcs (1.1.3)
    i18n (0.6.1)
    multi_json (1.2.0)
    rake (0.9.2.2)
    rspec (2.7.0)
      rspec-core (~> 2.7.0)
      rspec-expectations (~> 2.7.0)
      rspec-mocks (~> 2.7.0)
    rspec-core (2.7.1)
    rspec-expectations (2.7.0)
      diff-lcs (~> 1.1.2)
    rspec-mocks (2.7.0)

PLATFORMS
  ruby

DEPENDENCIES
  activemodel (= 3.1.6)
  artisan-repository!
  rake (= 0.9.2.2)
  rspec (= 2.7.0)
