GIT
  remote: git://github.com/8thlight/artisan-repository
  revision: 0d6b8746a9442f5c7211e06f3236ae29cbab3a38
  ref: 0d6b8746a9442f5c7211e06f3236ae29cbab3a38
  specs:
    artisan-repository (0.0.2)

GEM
  remote: http://rubygems.org/
  specs:
    activemodel (3.1.6)
      activesupport (= 3.1.6)
      builder (~> 3.0.0)
      i18n (~> 0.6)
    activesupport (3.1.6)
      multi_json (>= 1.0, < 1.3)
    builder (3.0.3)
    diff-lcs (1.1.3)
    i18n (0.6.1)
    multi_json (1.2.0)
    rake (0.9.2.2)
    rspec (2.11.0)
      rspec-core (~> 2.11.0)
      rspec-expectations (~> 2.11.0)
      rspec-mocks (~> 2.11.0)
    rspec-core (2.11.1)
    rspec-expectations (2.11.3)
      diff-lcs (~> 1.1.3)
    rspec-mocks (2.11.3)

PLATFORMS
  ruby

DEPENDENCIES
  activemodel (= 3.1.6)
  artisan-repository!
  rake (= 0.9.2.2)
  rspec (= 2.11.0)
